PATH
  remote: .
  specs:
    google_play_api (0.1)

GEM
  remote: http://rubygems.org/
  specs:
    diff-lcs (1.1.3)
    rspec (2.12.0)
      rspec-core (~> 2.12.0)
      rspec-expectations (~> 2.12.0)
      rspec-mocks (~> 2.12.0)
    rspec-core (2.12.2)
    rspec-expectations (2.12.1)
      diff-lcs (~> 1.1.3)
    rspec-mocks (2.12.1)
    ruby-protocol-buffers (1.2.2)

PLATFORMS
  ruby

DEPENDENCIES
  google_play_api!
  rspec
  ruby-protocol-buffers
